GIT
  remote: git://github.com/ruhoh/ruhoh.rb.git
  revision: 8a17438c5d830372caea52c9ac2e1a42f844125a
  specs:
    ruhoh (2.6)
      directory_watcher (~> 1.4.0)
      mustache (~> 0.99)
      nokogiri (~> 1.5)
      rack (~> 1.4)
      redcarpet (~> 2.1)

GEM
  remote: http://rubygems.org/
  specs:
    directory_watcher (1.4.1)
    mini_portile (0.6.2)
    mustache (0.99.8)
    nokogiri (1.6.6.2)
      mini_portile (~> 0.6.0)
    psych (1.3.4)
    rack (1.6.0)
    redcarpet (2.3.0)

PLATFORMS
  ruby

DEPENDENCIES
  psych (~> 1.3)
  ruhoh!
